GEM
  remote: http://rubygems.org/
  specs:
    activesupport (3.2.2)
      i18n (~> 0.6)
      multi_json (~> 1.0)
    diff-lcs (1.1.3)
    factory_girl (2.6.4)
      activesupport (>= 2.3.9)
    fakeweb (1.3.0)
    git (1.2.5)
    hashie (1.2.0)
    i18n (0.6.0)
    jeweler (1.6.4)
      bundler (~> 1.0)
      git (>= 1.2.5)
      rake
    json (1.6.4)
    money (4.0.1)
      i18n (~> 0.4)
      json
    multi_json (1.1.0)
    nokogiri (1.5.0)
    rake (0.9.2)
    rcov (0.9.10)
    rspec (2.7.0)
      rspec-core (~> 2.7.0)
      rspec-expectations (~> 2.7.0)
      rspec-mocks (~> 2.7.0)
    rspec-core (2.7.1)
    rspec-expectations (2.7.0)
      diff-lcs (~> 1.1.2)
    rspec-mocks (2.7.0)
    shoulda (2.11.3)
    vcr (2.2.5)

PLATFORMS
  ruby

DEPENDENCIES
  bundler
  factory_girl
  fakeweb
  hashie
  i18n
  jeweler (~> 1.6.4)
  money
  nokogiri
  rcov
  rspec
  shoulda
  vcr
